GEM
  remote: http://rubygems.org/
  remote: http://gems.rubyforge.org/
  remote: http://gemcutter.org/
  remote: http://gems.github.com/
  specs:
    httpclient (2.3.3)
    json (1.8.0)
    multi_json (1.7.7)
    neography (1.1.0)
      httpclient (>= 2.3.3)
      json (>= 1.7.7)
      multi_json (>= 1.3.2)
      os (>= 0.9.6)
      rubyzip (>= 0.9.7)
    os (0.9.6)
    rubyzip (0.9.9)

PLATFORMS
  ruby

DEPENDENCIES
  neography
